GEM
  remote: http://rubygems.org/
  specs:
    diff-lcs (1.1.2)
    gnuplot (2.3.6)
    rspec (2.6.0)
      rspec-core (~> 2.6.0)
      rspec-expectations (~> 2.6.0)
      rspec-mocks (~> 2.6.0)
    rspec-core (2.6.4)
    rspec-expectations (2.6.0)
      diff-lcs (~> 1.1.2)
    rspec-mocks (2.6.0)
    watchr (0.7)

PLATFORMS
  ruby

DEPENDENCIES
  gnuplot
  rspec
  watchr
